GEM
  remote: http://rubygems.org/
  specs:
    activesupport (3.1.0)
      multi_json (~> 1.0)
    diff-lcs (1.1.3)
    erubis (2.7.0)
    genosaurus (1.2.4)
      erubis
    hashie (1.1.0)
    mark_facets (0.2.0)
      hashie
    multi_json (1.0.3)
    rake (12.3.3)
    rdoc (3.8)
    rspec (2.6.0)
      rspec-core (~> 2.6.0)
      rspec-expectations (~> 2.6.0)
      rspec-mocks (~> 2.6.0)
    rspec-core (2.6.4)
    rspec-expectations (2.6.0)
      diff-lcs (~> 1.1.2)
    rspec-mocks (2.6.0)

PLATFORMS
  ruby

DEPENDENCIES
  activesupport (>= 3.0.0)
  genosaurus
  mark_facets
  rake
  rdoc
  rspec (>= 2.0.0)
